GEM
  remote: http://rubygems.org/
  specs:
    activesupport (4.0.4)
      i18n (~> 0.6, >= 0.6.9)
      minitest (~> 4.2)
      multi_json (~> 1.3)
      thread_safe (~> 0.1)
      tzinfo (~> 0.3.37)
    celluloid (0.15.2)
      timers (~> 1.1.0)
    celluloid-io (0.15.0)
      celluloid (>= 0.15.0)
      nio4r (>= 0.5.0)
    chronic (0.10.2)
    coderay (1.1.0)
    daemons (1.1.9)
    em-websocket (0.5.0)
      eventmachine (>= 0.12.9)
      http_parser.rb (~> 0.5.3)
    eventmachine (1.0.3)
    eventmachine (1.0.3-x86-mingw32)
    exifr (1.1.3)
    ffi (1.2.1)
    ffi (1.2.1-x86-mingw32)
    guard (1.5.4)
      listen (>= 0.4.2)
      lumberjack (>= 1.0.2)
      pry (>= 0.9.10)
      thor (>= 0.14.6)
    guard-livereload (1.3.0)
      em-websocket (>= 0.2.0)
      guard (>= 1.5.0)
      multi_json (~> 1.0)
    guard-shotgun (0.2.0)
      ffi (~> 1.2.0)
      guard (~> 1.5.4)
      spoon (~> 0.0.1)
    haml (4.0.5)
      tilt
    http_parser.rb (0.5.3)
    http_parser.rb (0.5.3-x86-mingw32)
    i18n (0.6.9)
    json (1.8.1)
    listen (2.7.1)
      celluloid (>= 0.15.2)
      celluloid-io (>= 0.15.0)
      rb-fsevent (>= 0.9.3)
      rb-inotify (>= 0.9)
    lumberjack (1.0.5)
    mail (2.5.4)
      mime-types (~> 1.16)
      treetop (~> 1.4.8)
    maneki (1.1.0)
    maruku (0.7.1)
    method_source (0.8.2)
    mime (0.3.0)
    mime-types (1.25.1)
    minitest (4.7.5)
    moredown (1.3.0)
    multi_json (1.9.2)
    nio4r (1.0.0)
    polyglot (0.3.4)
    pony (1.8)
      mail (>= 2.0)
    pry (0.9.12.6)
      coderay (~> 1.0)
      method_source (~> 0.8)
      slop (~> 3.4)
    pry (0.9.12.6-x86-mingw32)
      coderay (~> 1.0)
      method_source (~> 0.8)
      slop (~> 3.4)
      win32console (~> 1.3)
    rack (1.5.2)
    rack-protection (1.5.2)
      rack
    rb-fsevent (0.9.4)
    rb-inotify (0.9.3)
      ffi (>= 0.5.0)
    ruby-gmail (0.3.1)
      mail (>= 2.2.1)
      mime (>= 0.1)
      shared-mime-info
    shared-mime-info (0.2.5)
    shotgun (0.9)
      rack (>= 1.0)
    sinatra (1.4.4)
      rack (~> 1.4)
      rack-protection (~> 1.4)
      tilt (~> 1.3, >= 1.3.4)
    sinatra-thumbnails (0.1.0)
      sinatra
    slop (3.5.0)
    spoon (0.0.4)
      ffi
    thin (1.6.2)
      daemons (>= 1.0.9)
      eventmachine (>= 1.0.0)
      rack (>= 1.0.0)
    thor (0.19.1)
    thread_safe (0.3.3)
    tilt (1.4.1)
    timers (1.1.0)
    treetop (1.4.15)
      polyglot
      polyglot (>= 0.3.1)
    tzinfo (0.3.39)
    win32console (1.3.2-x86-mingw32)

PLATFORMS
  ruby
  x86-mingw32

DEPENDENCIES
  activesupport
  chronic
  exifr
  guard
  guard-livereload
  guard-shotgun
  haml
  json
  maneki
  maruku
  moredown
  pony
  rb-fsevent
  ruby-gmail
  shotgun
  sinatra
  sinatra-thumbnails
  thin
