GEM
  remote: http://rubygems.org/
  specs:
    activesupport (3.2.12)
      i18n (~> 0.6)
      multi_json (~> 1.0)
    chronic (0.6.1)
    exifr (1.1.3)
    haml (3.1.7)
    i18n (0.6.1)
    json (1.5.4)
    mail (2.5.3)
      i18n (>= 0.4.0)
      mime-types (~> 1.16)
      treetop (~> 1.4.8)
    maneki (1.1.0)
    maruku (0.6.1)
      syntax (>= 1.0.0)
    mime (0.1)
    mime-types (1.21)
    moredown (1.3.0)
    multi_json (1.6.1)
    polyglot (0.3.3)
    pony (1.4)
      mail (> 2.0)
    rack (1.5.1)
    rack-protection (1.3.2)
      rack
    ruby-gmail (0.3.0)
      mail (>= 2.2.1)
      mime (>= 0.1)
      shared-mime-info
    shared-mime-info (0.1)
    sinatra (1.3.4)
      rack (~> 1.4)
      rack-protection (~> 1.3)
      tilt (~> 1.3, >= 1.3.3)
    sinatra-thumbnails (0.1.0)
      sinatra
    syntax (1.0.0)
    tilt (1.3.3)
    treetop (1.4.12)
      polyglot
      polyglot (>= 0.3.1)

PLATFORMS
  ruby
  x86-mingw32

DEPENDENCIES
  activesupport
  chronic
  exifr
  haml
  json
  maneki
  maruku
  moredown
  pony
  ruby-gmail
  sinatra
  sinatra-thumbnails
