GEM
  remote: http://rubygems.org/
  specs:
    activesupport (4.1.6)
      i18n (~> 0.6, >= 0.6.9)
      json (~> 1.7, >= 1.7.7)
      minitest (~> 5.1)
      thread_safe (~> 0.1)
      tzinfo (~> 1.1)
    addressable (2.3.6)
    aws-sdk (1.57.0)
      aws-sdk-v1 (= 1.57.0)
    aws-sdk-v1 (1.57.0)
      json (~> 1.4)
      nokogiri (>= 1.4.4)
    builder (3.2.2)
    celluloid (0.16.0)
      timers (~> 4.0.0)
    chronic (0.10.2)
    coderay (1.1.0)
    daemons (1.1.9)
    dotenv (1.0.2)
    dragonfly (1.0.7)
      addressable (~> 2.3)
      multi_json (~> 1.0)
      rack
    dragonfly-s3_data_store (1.0.4)
      dragonfly (~> 1.0)
      fog
    em-websocket (0.5.1)
      eventmachine (>= 0.12.9)
      http_parser.rb (~> 0.6.0)
    eventmachine (1.0.3)
    eventmachine (1.0.3-x86-mingw32)
    excon (0.40.0)
    exifr (1.2.0)
    ffi (1.9.6)
    ffi (1.9.6-x86-mingw32)
    fog (1.24.0)
      fog-brightbox
      fog-core (~> 1.23)
      fog-json
      fog-radosgw (>= 0.0.2)
      fog-sakuracloud (>= 0.0.4)
      fog-softlayer
      ipaddress (~> 0.5)
      nokogiri (~> 1.5, >= 1.5.11)
    fog-brightbox (0.6.1)
      fog-core (~> 1.22)
      fog-json
      inflecto
    fog-core (1.24.0)
      builder
      excon (~> 0.38)
      formatador (~> 0.2)
      mime-types
      net-scp (~> 1.1)
      net-ssh (>= 2.1.3)
    fog-json (1.0.0)
      multi_json (~> 1.0)
    fog-radosgw (0.0.3)
      fog-core (>= 1.21.0)
      fog-json
      fog-xml (>= 0.0.1)
    fog-sakuracloud (0.1.1)
      fog-core
      fog-json
    fog-softlayer (0.3.23)
      fog-core
      fog-json
    fog-xml (0.1.0)
      fog-core
      nokogiri (~> 1.5, >= 1.5.11)
    formatador (0.2.5)
    guard (2.7.0)
      formatador (>= 0.2.4)
      listen (~> 2.7)
      lumberjack (~> 1.0)
      pry (>= 0.9.12)
      thor (>= 0.18.1)
    guard-livereload (2.3.1)
      em-websocket (~> 0.5)
      guard (~> 2.0)
      multi_json (~> 1.8)
    guard-shotgun (0.4.0)
      ffi
      guard (~> 2.0)
      spoon
    hitimes (1.2.2)
    http_parser.rb (0.6.0)
    i18n (0.6.11)
    inflecto (0.0.2)
    ipaddress (0.8.0)
    json (1.8.1)
    listen (2.7.11)
      celluloid (>= 0.15.2)
      rb-fsevent (>= 0.9.3)
      rb-inotify (>= 0.9)
    lumberjack (1.0.9)
    method_source (0.8.2)
    mime-types (2.4.3)
    mini_portile (0.6.0)
    minitest (5.4.2)
    multi_json (1.10.1)
    net-scp (1.2.1)
      net-ssh (>= 2.6.5)
    net-ssh (2.9.1)
    nokogiri (1.6.3.1)
      mini_portile (= 0.6.0)
    nokogiri (1.6.3.1-x86-mingw32)
      mini_portile (= 0.6.0)
    pry (0.10.1)
      coderay (~> 1.1.0)
      method_source (~> 0.8.1)
      slop (~> 3.4)
    pry (0.10.1-x86-mingw32)
      coderay (~> 1.1.0)
      method_source (~> 0.8.1)
      slop (~> 3.4)
      win32console (~> 1.3)
    rack (1.5.2)
    rack-protection (1.5.3)
      rack
    rb-fsevent (0.9.4)
    rb-inotify (0.9.5)
      ffi (>= 0.5.0)
    rb-readline (0.5.1)
    shotgun (0.9)
      rack (>= 1.0)
    sinatra (1.4.5)
      rack (~> 1.4)
      rack-protection (~> 1.4)
      tilt (~> 1.3, >= 1.3.4)
    slop (3.6.0)
    spoon (0.0.4)
      ffi
    thin (1.6.3)
      daemons (~> 1.0, >= 1.0.9)
      eventmachine (~> 1.0)
      rack (~> 1.0)
    thor (0.19.1)
    thread_safe (0.3.4)
    tilt (1.4.1)
    timers (4.0.1)
      hitimes
    tzinfo (1.2.2)
      thread_safe (~> 0.1)
    win32console (1.3.2-x86-mingw32)

PLATFORMS
  ruby
  x86-mingw32

DEPENDENCIES
  activesupport
  aws-sdk
  chronic
  dotenv
  dragonfly
  dragonfly-s3_data_store
  exifr
  guard
  guard-livereload
  guard-shotgun
  json
  rb-fsevent
  rb-readline
  shotgun
  sinatra
  thin
